GEM
  remote: https://rubygems.org/
  specs:
    ffaker (1.16.1)
    ffakertime (0.0.1)
      ffaker
    haml (4.0.3)
      tilt
    newrelic_rpm (3.6.3.104)
    puma (2.0.1)
      rack (>= 1.1, < 2.0)
    rack (1.5.2)
    rack-protection (1.5.0)
      rack
    sass (3.2.9)
    sinatra (1.4.2)
      rack (~> 1.5, >= 1.5.2)
      rack-protection (~> 1.4)
      tilt (~> 1.3, >= 1.3.4)
    tilt (1.4.1)

PLATFORMS
  ruby

DEPENDENCIES
  ffakertime
  haml
  newrelic_rpm
  puma
  sass
  sinatra
